GIT
  remote: git://github.com/libgit2/rugged.git
  revision: 1962403d0b2f11fd55b7bd570db72690c2eb9db8
  submodules: true
  specs:
    rugged (0.25.0b1)

GEM
  remote: https://rubygems.org/
  specs:
    colored (1.2)
    diff-lcs (1.2.5)
    rspec (3.1.0)
      rspec-core (~> 3.1.0)
      rspec-expectations (~> 3.1.0)
      rspec-mocks (~> 3.1.0)
    rspec-core (3.1.7)
      rspec-support (~> 3.1.0)
    rspec-expectations (3.1.2)
      diff-lcs (>= 1.2.0, < 2.0)
      rspec-support (~> 3.1.0)
    rspec-mocks (3.1.3)
      rspec-support (~> 3.1.0)
    rspec-support (3.1.2)
    unified_diff (0.3.6)

PLATFORMS
  ruby

DEPENDENCIES
  colored
  rspec
  rugged!
  unified_diff

BUNDLED WITH
   1.10.5
